PATH
  remote: .
  specs:
    syntax_tree-haml (4.0.3)
      haml (>= 5.2)
      prettier_print (>= 1.2.1)
      syntax_tree (>= 6.0.0)

GEM
  remote: https://rubygems.org/
  specs:
    docile (1.4.0)
    haml (6.3.0)
      temple (>= 0.8.2)
      thor
      tilt
    minitest (5.23.0)
    prettier_print (1.2.1)
    rake (13.2.1)
    simplecov (0.22.0)
      docile (~> 1.1)
      simplecov-html (~> 0.11)
      simplecov_json_formatter (~> 0.1)
    simplecov-html (0.12.3)
    simplecov_json_formatter (0.1.4)
    syntax_tree (6.2.0)
      prettier_print (>= 1.2.0)
    temple (0.10.3)
    thor (1.3.0)
    tilt (2.3.0)

PLATFORMS
  arm64-darwin-22
  x86_64-linux

DEPENDENCIES
  bundler
  minitest
  rake
  simplecov
  syntax_tree-haml!

BUNDLED WITH
   2.4.1
